GEM
  remote: https://rubygems.org/
  specs:
    gli (2.10.0)
    hirb (0.7.1)

PLATFORMS
  ruby

DEPENDENCIES
  gli
  hirb
