GIT
  remote: git://github.com/tcrayford/values.git
  revision: 497d59d2ce546bdff15953ecdce6f7ecb2f56dc2
  ref: 497d59d2ce
  specs:
    values (1.5.0)

GEM
  remote: https://rubygems.org/
  specs:
    gli (2.10.0)
    hirb (0.7.1)
    sequel (4.10.0)
    sqlite3 (1.3.9)

PLATFORMS
  ruby

DEPENDENCIES
  gli
  hirb
  sequel
  sqlite3
  values!
